PATH
  remote: .
  specs:
    vps_cli (0.1.0)

GEM
  remote: https://rubygems.org/
  specs:
    minitest (5.11.3)
    rake (10.5.0)
    thor (0.20.3)
    yard (0.9.19)

PLATFORMS
  ruby

DEPENDENCIES
  bundler (~> 2.0)
  minitest (~> 5.0)
  rake (~> 10.0)
  thor (~> 0.20)
  vps_cli!
  yard (~> 0.9)

BUNDLED WITH
   2.0.1
